GEM
  remote: http://rubygems.org/
  specs:
    aws-eventstream (1.0.3)
    aws-partitions (1.239.0)
    aws-sdk-core (3.77.0)
      aws-eventstream (~> 1.0, >= 1.0.2)
      aws-partitions (~> 1, >= 1.239.0)
      aws-sigv4 (~> 1.1)
      jmespath (~> 1.0)
    aws-sdk-dataexchange (1.0.0)
      aws-sdk-core (~> 3, >= 3.71.0)
      aws-sigv4 (~> 1.1)
    aws-sdk-kms (1.25.0)
      aws-sdk-core (~> 3, >= 3.71.0)
      aws-sigv4 (~> 1.1)
    aws-sdk-s3 (1.54.0)
      aws-sdk-core (~> 3, >= 3.77.0)
      aws-sdk-kms (~> 1)
      aws-sigv4 (~> 1.1)
    aws-sigv4 (1.1.0)
      aws-eventstream (~> 1.0, >= 1.0.2)
    concurrent-ruby (1.1.5)
    i18n (1.7.0)
      concurrent-ruby (~> 1.0)
    jmespath (1.4.0)
    monetize (1.9.2)
      money (~> 6.12)
    money (6.13.4)
      i18n (>= 0.6.4, <= 2)
    simple_statistics (0.12)
    smarter_csv (1.2.6)

PLATFORMS
  ruby

DEPENDENCIES
  aws-sdk-dataexchange
  aws-sdk-s3
  i18n
  monetize
  money
  simple_statistics
  smarter_csv

BUNDLED WITH
   1.17.3
