GEM
  remote: http://rubygems.org/
  specs:
    ansi (1.5.0)
    ast (2.4.2)
    aws-eventstream (1.2.0)
    aws-partitions (1.626.0)
    aws-sdk-core (3.141.0)
      aws-eventstream (~> 1, >= 1.0.2)
      aws-partitions (~> 1, >= 1.525.0)
      aws-sigv4 (~> 1.1)
      jmespath (~> 1, >= 1.6.1)
    aws-sdk-dataexchange (1.26.0)
      aws-sdk-core (~> 3, >= 3.127.0)
      aws-sigv4 (~> 1.1)
    aws-sigv4 (1.5.1)
      aws-eventstream (~> 1, >= 1.0.2)
    jmespath (1.6.1)
    oga (3.4)
      ast
      ruby-ll (~> 2.1)
    ruby-ll (2.1.2)
      ansi
      ast

PLATFORMS
  x86_64-linux

DEPENDENCIES
  aws-sdk-dataexchange
  oga

BUNDLED WITH
   2.3.7
